{
	"TaskName": "p300",
	"Manufacturer": "Electrical Geodesics",
	"PowerLineFrequency": 60.0,
	"SamplingFrequency": 62.5,
	"SoftwareFilters": "n/a",
	"RecordingDuration": 3153.552,
	"RecordingType": "continuous",
	"EEGReference": "average",
	"EEGGround": "n/a",
	"EEGPlacementScheme": "Geodesic Sensor Net 128",
	"EEGChannelCount": 124,
	"EOGChannelCount": 0,
	"ECGChannelCount": 0,
	"EMGChannelCount": 0,
	"TriggerChannelCount": 0,
	"ManufacturersModelName": "EGI Net Amps 300",
	"SoftwareVersions": "n/a",
	"HardwareFilters": "n/a",
	"TaskDescription": "Visual object recognition; 72 images from 6 categories; 500 ms presentation, 750 ms ISI Trial duration: 0.496s.",
	"Instructions": "n/a",
	"CogAtlasID": "https://www.cognitiveatlas.org/task/id/tsk_GxjZBNiJorj1K/",
	"InstitutionName": "Stanford University",
	"InstitutionAddress": "US",
	"InstitutionalDepartmentName": "n/a",
	"CapManufacturer": "n/a",
	"CapManufacturersModelName": "n/a",
	"SubjectArtefactDescription": "n/a",
	"DeviceSerialNumber": "n/a",
	"Description": "EEG recording.",
	"MISCChannelCount": 0
}